GEM
  remote: http://rubygems.org/
  specs:
    activesupport (3.0.4)
    automaze (0.0.4)
      activesupport (>= 3.0.1)
    diff-lcs (1.1.2)
    i18n (0.5.0)
    rake (0.8.7)
    rspec (2.5.0)
      rspec-core (~> 2.5.0)
      rspec-expectations (~> 2.5.0)
      rspec-mocks (~> 2.5.0)
    rspec-core (2.5.1)
    rspec-expectations (2.5.0)
      diff-lcs (~> 1.1.2)
    rspec-mocks (2.5.0)

PLATFORMS
  ruby

DEPENDENCIES
  automaze
  i18n
  rake
  rspec
